GEM
  remote: http://rubygems.org/
  specs:
    git (1.2.5)
    jeweler (1.6.2)
      bundler (~> 1.0)
      git (>= 1.2.5)
      rake
    mechanize (1.0.0)
      nokogiri (>= 1.2.1)
    nokogiri (1.4.4)
    rake (0.9.2)
    rcov (0.9.9)
    redis (2.2.1)
    xml-simple (1.0.15)

PLATFORMS
  ruby

DEPENDENCIES
  bundler (~> 1.0.0)
  jeweler (~> 1.6.2)
  mechanize (= 1.0.0)
  rcov
  redis (= 2.2.1)
  xml-simple (= 1.0.15)
